GIT
  remote: http://github.com/backupify/active_attr.git
  revision: 69951a36e62bc348b6d2c86ce50c1251ad709e34
  specs:
    active_attr (0.8.2)
      activemodel (>= 3.0.2, < 4.1)
      activesupport (>= 3.0.2, < 4.1)

GEM
  remote: http://rubygems.org/
  specs:
    activemodel (3.2.14)
      activesupport (= 3.2.14)
      builder (~> 3.0.0)
    activerecord (3.2.14)
      activemodel (= 3.2.14)
      activesupport (= 3.2.14)
      arel (~> 3.0.2)
      tzinfo (~> 0.3.29)
    activesupport (3.2.14)
      i18n (~> 0.6, >= 0.6.4)
      multi_json (~> 1.0)
    arel (3.0.2)
    builder (3.0.4)
    cassandra (0.22.0)
      json
      rake
      simple_uuid (~> 0.2.0)
      thrift_client (~> 0.7, < 0.9)
    exception_helper (0.1.2)
    factory_girl (4.2.0)
      activesupport (>= 3.0.0)
    i18n (0.6.5)
    json (1.8.0)
    metaclass (0.0.1)
    mocha (0.14.0)
      metaclass (~> 0.0.1)
    multi_json (1.7.9)
    rake (10.1.0)
    shoulda (3.5.0)
      shoulda-context (~> 1.0, >= 1.0.1)
      shoulda-matchers (>= 1.4.1, < 3.0)
    shoulda-context (1.1.5)
    shoulda-matchers (2.3.0)
      activesupport (>= 3.0.0)
    simple_uuid (0.2.0)
    sqlite3 (1.3.8)
    thrift (0.8.0)
    thrift_client (0.8.4)
      thrift (~> 0.8.0)
    tzinfo (0.3.37)

PLATFORMS
  ruby

DEPENDENCIES
  active_attr!
  activemodel (~> 3)
  activerecord (~> 3)
  activesupport (~> 3)
  bundler
  cassandra
  exception_helper
  factory_girl
  mocha
  shoulda
  sqlite3
